GEM
  remote: https://rubygems.org/
  specs:
    erubis (2.7.0)
    httparty (0.13.1)
      json (~> 1.8)
      multi_xml (>= 0.5.2)
    json (1.8.1)
    multi_xml (0.5.5)
    rack (1.5.2)
    rack-protection (1.5.3)
      rack
    redis (3.1.0)
    sinatra (1.4.5)
      rack (~> 1.4)
      rack-protection (~> 1.4)
      tilt (~> 1.3, >= 1.3.4)
    tilt (1.4.1)
    vcr (2.9.2)

PLATFORMS
  ruby

DEPENDENCIES
  erubis (~> 2.7.0)
  httparty (~> 0.13.1)
  rack (~> 1.5.2)
  redis (~> 3.1.0)
  sinatra (~> 1.4.5)
  vcr (~> 2.9.2)
